GEM
  remote: https://rubygems.org/
  specs:
    bson (4.2.1)
    chronic (0.10.2)
    codeclimate-test-reporter (1.0.8)
      simplecov (<= 0.13)
    coderay (1.1.1)
    diff-lcs (1.3)
    docile (1.1.5)
    dotenv (2.2.0)
    hashdiff (0.3.2)
    json (2.0.3)
    method_source (0.8.2)
    mongo (2.4.1)
      bson (>= 4.2.1, < 5.0.0)
    pry (0.10.4)
      coderay (~> 1.1.0)
      method_source (~> 0.8.1)
      slop (~> 3.4)
    pry-nav (0.2.4)
      pry (>= 0.9.10, < 0.11.0)
    rake (12.0.0)
    rspec (3.5.0)
      rspec-core (~> 3.5.0)
      rspec-expectations (~> 3.5.0)
      rspec-mocks (~> 3.5.0)
    rspec-core (3.5.4)
      rspec-support (~> 3.5.0)
    rspec-expectations (3.5.0)
      diff-lcs (>= 1.2.0, < 2.0)
      rspec-support (~> 3.5.0)
    rspec-mocks (3.5.0)
      diff-lcs (>= 1.2.0, < 2.0)
      rspec-support (~> 3.5.0)
    rspec-support (3.5.0)
    simplecov (0.13.0)
      docile (~> 1.1.0)
      json (>= 1.8, < 3)
      simplecov-html (~> 0.10.0)
    simplecov-html (0.10.0)
    slop (3.6.0)
    timecop (0.8.1)
    whenever (0.9.7)
      chronic (>= 0.6.3)

PLATFORMS
  ruby

DEPENDENCIES
  codeclimate-test-reporter
  dotenv
  hashdiff (~> 0.3)
  mongo (~> 2.2)
  pry-nav
  rake (~> 12)
  rspec (~> 3.4)
  simplecov
  timecop (~> 0.8)
  whenever (~> 0.9)

BUNDLED WITH
   1.14.6
